GEM
  remote: https://rubygems.org/
  specs:
    activesupport (5.1.1)
      concurrent-ruby (~> 1.0, >= 1.0.2)
      i18n (~> 0.7)
      minitest (~> 5.1)
      tzinfo (~> 1.1)
    concurrent-ruby (1.0.5)
    concurrent-ruby (1.0.5-java)
    i18n (0.8.4)
    mini_portile2 (2.1.0)
    minitest (5.10.2)
    nikkou (0.0.5)
      activesupport
      nokogiri
      tzinfo
    nokogiri (1.7.2)
      mini_portile2 (~> 2.1.0)
    nokogiri (1.7.2-java)
    ruby-graphviz (1.2.3)
    thread_safe (0.3.6)
    thread_safe (0.3.6-java)
    tzinfo (1.2.3)
      thread_safe (~> 0.1)

PLATFORMS
  java
  ruby

DEPENDENCIES
  nikkou!
  nokogiri!
  ruby-graphviz!

BUNDLED WITH
   1.16.2
